GIT
  remote: git@github.com:ruby-numo/narray.git
  revision: ca3b9163e01a52633deb776e2aa0da06100e60d8
  specs:
    numo-narray (0.9.0.2)

GEM
  remote: https://rubygems.org/
  specs:
    ffi (1.9.8)
    gnuplot (2.6.2)
    natto (1.0.0)
      ffi (>= 1.9.0)
    rblearn (0.3.1)
      numo-narray
      stemmify
      stopwords
    redis (3.2.1)
    stemmify (0.0.2)
    stopwords (0.2)

PLATFORMS
  ruby

DEPENDENCIES
  gnuplot
  natto
  numo-narray!
  rblearn
  redis
  stemmify

BUNDLED WITH
   1.12.5
