GEM
  remote: https://rubygems.org/
  specs:
    ffi (1.9.8)
    gnuplot (2.6.2)
    natto (0.9.9)
      ffi (>= 1.9.0)

PLATFORMS
  ruby

DEPENDENCIES
  gnuplot
  natto
