GEM
  remote: https://rubygems.org/
  specs:
    ffi (1.9.8)
    gnuplot (2.6.2)
    natto (1.0.0)
      ffi (>= 1.9.0)
    stemmify (0.0.2)

PLATFORMS
  ruby

DEPENDENCIES
  gnuplot
  natto
  stemmify
