GIT
  remote: git@github.com:ruby-numo/narray.git
  revision: 7d920f48f2f8efc84abef084777acf5b434a0dc7
  specs:
    numo-narray (0.9.0.2)

GEM
  remote: https://rubygems.org/
  specs:
    awesome_print (1.7.0)
    bond (0.5.1)
    clbustos-rtf (0.4.2)
    countries (1.2.5)
      currencies (~> 0.4.2)
      i18n_data (~> 0.7.0)
    currencies (0.4.2)
    daru (0.1.3.1)
      reportbuilder (~> 1.4)
      spreadsheet (~> 1.1.1)
    data_uri (0.1.0)
    dirty-memoize (0.0.4)
    distribution (0.7.3)
    extendmatrix (0.4)
    i18n_data (0.7.0)
    iruby (0.2.9)
      bond (~> 0.5)
      data_uri (~> 0.1)
      mimemagic (~> 0.3)
      multi_json (~> 1.11)
    mimemagic (0.3.1)
    minimization (0.2.3)
      text-table (~> 1.2)
    multi_json (1.12.1)
    prawn (0.8.4)
      prawn-core (>= 0.8.4, < 0.9)
      prawn-layout (>= 0.8.4, < 0.9)
      prawn-security (>= 0.8.4, < 0.9)
    prawn-core (0.8.4)
    prawn-layout (0.8.4)
    prawn-security (0.8.4)
    prawn-svg (0.9.1.11)
      prawn (>= 0.8.4)
    rbczmq (1.7.9)
    reportbuilder (1.4.2)
      clbustos-rtf (~> 0.4.0)
      prawn (~> 0.8.4)
      prawn-svg (~> 0.9.1)
      text-table (~> 1.2)
    rserve-client (0.3.1)
    ruby-ole (1.2.12)
    rubyvis (0.6.1)
    spreadsheet (1.1.2)
      ruby-ole (>= 1.0)
    statsample (2.0.2)
      awesome_print (~> 1.6)
      daru (~> 0.1)
      dirty-memoize (~> 0.0.4)
      distribution (~> 0.7)
      extendmatrix (~> 0.4)
      minimization (~> 0.2)
      reportbuilder (~> 1.4)
      rserve-client (~> 0.3)
      rubyvis (~> 0.6.1)
      spreadsheet (~> 1.1)
    statsample-glm (0.2.1)
      daru (~> 0.1)
      statsample (~> 2.0)
    text-table (1.2.4)

PLATFORMS
  ruby

DEPENDENCIES
  countries
  daru
  iruby
  numo-narray!
  rbczmq
  statsample-glm

BUNDLED WITH
   1.12.5
