GEM
  remote: https://rubygems.org/
  specs:
    stemmify (0.0.2)

PLATFORMS
  ruby

DEPENDENCIES
  stemmify
